PATH
  remote: .
  specs:
    ruby-terraform (0.60.0)
      lino (>= 1.1, < 2)

GEM
  remote: https://rubygems.org/
  specs:
    activesupport (6.0.3.1)
      concurrent-ruby (~> 1.0, >= 1.0.2)
      i18n (>= 0.7, < 2)
      minitest (~> 5.1)
      tzinfo (~> 1.1)
      zeitwerk (~> 2.2, >= 2.2.2)
    addressable (2.7.0)
      public_suffix (>= 2.0.2, < 5.0)
    ast (2.4.1)
    colored2 (3.1.2)
    concurrent-ruby (1.1.6)
    diff-lcs (1.3)
    excon (0.73.0)
    faraday (1.0.1)
      multipart-post (>= 1.2, < 3)
    gem-release (2.1.1)
    hamster (3.0.0)
      concurrent-ruby (~> 1.0)
    i18n (1.8.2)
      concurrent-ruby (~> 1.0)
    jaro_winkler (1.5.4)
    lino (1.3.0)
      hamster (~> 3.0)
      open4 (~> 1.3)
    minitest (5.14.1)
    multipart-post (2.1.1)
    octokit (4.18.0)
      faraday (>= 0.9)
      sawyer (~> 0.8.0, >= 0.5.3)
    open4 (1.3.4)
    parallel (1.19.2)
    parser (2.7.1.4)
      ast (~> 2.4.1)
    public_suffix (4.0.5)
    rainbow (3.0.0)
    rake (13.0.1)
    rake_circle_ci (0.7.0)
      colored2 (~> 3.1)
      excon (~> 0.72)
      rake_factory (~> 0.23)
      sshkey (~> 2.0)
    rake_factory (0.27.0)
      activesupport (>= 4)
      rake (~> 13.0)
    rake_github (0.5.0)
      colored2 (~> 3.1)
      octokit (~> 4.16)
      rake_factory (~> 0.23)
      sshkey (~> 2.0)
    rake_ssh (0.4.0)
      colored2 (~> 3.1)
      rake_factory (~> 0.23)
      sshkey (~> 2.0)
    rspec (3.9.0)
      rspec-core (~> 3.9.0)
      rspec-expectations (~> 3.9.0)
      rspec-mocks (~> 3.9.0)
    rspec-core (3.9.2)
      rspec-support (~> 3.9.3)
    rspec-expectations (3.9.2)
      diff-lcs (>= 1.2.0, < 2.0)
      rspec-support (~> 3.9.0)
    rspec-mocks (3.9.1)
      diff-lcs (>= 1.2.0, < 2.0)
      rspec-support (~> 3.9.0)
    rspec-support (3.9.3)
    rubocop (0.76.0)
      jaro_winkler (~> 1.5.1)
      parallel (~> 1.10)
      parser (>= 2.6)
      rainbow (>= 2.2.2, < 4.0)
      ruby-progressbar (~> 1.7)
      unicode-display_width (>= 1.4.0, < 1.7)
    rubocop-rspec (1.41.0)
      rubocop (>= 0.68.1)
    ruby-progressbar (1.10.1)
    sawyer (0.8.2)
      addressable (>= 2.3.5)
      faraday (> 0.8, < 2.0)
    sshkey (2.0.0)
    thread_safe (0.3.6)
    tzinfo (1.2.7)
      thread_safe (~> 0.1)
    unicode-display_width (1.6.1)
    zeitwerk (2.3.0)

PLATFORMS
  ruby

DEPENDENCIES
  bundler (~> 2.0)
  gem-release (~> 2.1)
  rake (~> 13.0)
  rake_circle_ci (~> 0.3)
  rake_github (~> 0.3)
  rake_ssh (~> 0.2)
  rspec (~> 3.9)
  rubocop (~> 0.76.0)
  rubocop-rspec
  ruby-terraform!

BUNDLED WITH
   2.1.4
